GEM
  remote: https://rubygems.org/
  specs:
    activemodel (5.1.5)
      activesupport (= 5.1.5)
    activerecord (5.1.5)
      activemodel (= 5.1.5)
      activesupport (= 5.1.5)
      arel (~> 8.0)
    activesupport (5.1.5)
      concurrent-ruby (~> 1.0, >= 1.0.2)
      i18n (~> 0.7)
      minitest (~> 5.1)
      tzinfo (~> 1.1)
    arel (8.0.0)
    coffee-script (2.4.1)
      coffee-script-source
      execjs
    coffee-script-source (1.12.2)
    concurrent-ruby (1.0.5)
    diff-lcs (1.3)
    execjs (2.7.0)
    ffi (1.9.21)
    i18n (0.9.5)
      concurrent-ruby (~> 1.0)
    mail (2.7.0)
      mini_mime (>= 0.1.1)
    mime-types (2.99.3)
    mini_mime (1.0.0)
    minitest (5.11.3)
    moneta (1.0.0)
    mono_logger (1.1.0)
    multi_json (1.13.1)
    mustermann (1.0.2)
    padrino (0.14.3)
      padrino-admin (= 0.14.3)
      padrino-cache (= 0.14.3)
      padrino-core (= 0.14.3)
      padrino-gen (= 0.14.3)
      padrino-helpers (= 0.14.3)
      padrino-mailer (= 0.14.3)
      padrino-support (= 0.14.3)
    padrino-admin (0.14.3)
      padrino-core (= 0.14.3)
      padrino-helpers (= 0.14.3)
    padrino-cache (0.14.3)
      moneta (~> 1.0.0)
      padrino-core (= 0.14.3)
      padrino-helpers (= 0.14.3)
    padrino-core (0.14.3)
      padrino-support (= 0.14.3)
      sinatra (>= 2.0.0)
      thor (~> 0.18)
    padrino-gen (0.14.3)
      bundler (~> 1.0)
      padrino-core (= 0.14.3)
    padrino-helpers (0.14.3)
      i18n (~> 0.6, >= 0.6.7)
      padrino-support (= 0.14.3)
      tilt (>= 1.4.1, < 3)
    padrino-mailer (0.14.3)
      mail (~> 2.5)
      mime-types (< 3)
      padrino-core (= 0.14.3)
    padrino-support (0.14.3)
    pg (1.0.0)
    puma (3.11.2)
    rack (2.0.4)
    rack-protection (2.0.1)
      rack
    rake (12.3.0)
    rb-fsevent (0.10.2)
    rb-inotify (0.9.10)
      ffi (>= 0.5.0, < 2)
    redis (4.0.1)
    redis-namespace (1.6.0)
      redis (>= 3.0.4)
    resque (1.27.4)
      mono_logger (~> 1.0)
      multi_json (~> 1.0)
      redis-namespace (~> 1.3)
      sinatra (>= 0.9.2)
      vegas (~> 0.1.2)
    rspec (3.7.0)
      rspec-core (~> 3.7.0)
      rspec-expectations (~> 3.7.0)
      rspec-mocks (~> 3.7.0)
    rspec-core (3.7.1)
      rspec-support (~> 3.7.0)
    rspec-expectations (3.7.0)
      diff-lcs (>= 1.2.0, < 2.0)
      rspec-support (~> 3.7.0)
    rspec-mocks (3.7.0)
      diff-lcs (>= 1.2.0, < 2.0)
      rspec-support (~> 3.7.0)
    rspec-support (3.7.1)
    sass (3.5.5)
      sass-listen (~> 4.0.0)
    sass-listen (4.0.0)
      rb-fsevent (~> 0.9, >= 0.9.4)
      rb-inotify (~> 0.9, >= 0.9.7)
    sinatra (2.0.1)
      mustermann (~> 1.0)
      rack (~> 2.0)
      rack-protection (= 2.0.1)
      tilt (~> 2.0)
    sinatra-flash (0.3.0)
      sinatra (>= 1.0.0)
    thor (0.20.0)
    thread_safe (0.3.6)
    tilt (2.0.8)
    tzinfo (1.2.5)
      thread_safe (~> 0.1)
    vegas (0.1.11)
      rack (>= 1.0.0)

PLATFORMS
  ruby

DEPENDENCIES
  activerecord (>= 3.1)
  activesupport
  coffee-script
  padrino (= 0.14.3)
  pg
  puma
  rake
  resque
  rspec
  sass
  sinatra-flash

RUBY VERSION
   ruby 2.4.2p198

BUNDLED WITH
   1.16.0
